PATH
  remote: .
  specs:
    cabbage_doc (0.1.2)
      haml (~> 4.0.6)
      httparty (~> 0.15.0)
      json
      rake (>= 10.0)
      redcarpet
      sinatra

GEM
  remote: https://rubygems.org/
  specs:
    diff-lcs (1.2.5)
    haml (4.0.7)
      tilt
    httparty (0.15.5)
      multi_xml (>= 0.5.2)
    json (2.0.3)
    multi_xml (0.6.0)
    rack (1.6.5)
    rack-protection (1.5.3)
      rack
    rake (12.0.0)
    redcarpet (3.4.0)
    rspec (3.4.0)
      rspec-core (~> 3.4.0)
      rspec-expectations (~> 3.4.0)
      rspec-mocks (~> 3.4.0)
    rspec-core (3.4.1)
      rspec-support (~> 3.4.0)
    rspec-expectations (3.4.0)
      diff-lcs (>= 1.2.0, < 2.0)
      rspec-support (~> 3.4.0)
    rspec-mocks (3.4.1)
      diff-lcs (>= 1.2.0, < 2.0)
      rspec-support (~> 3.4.0)
    rspec-support (3.4.1)
    rubygems-tasks (0.2.4)
    sinatra (1.4.8)
      rack (~> 1.5)
      rack-protection (~> 1.4)
      tilt (>= 1.3, < 3)
    tilt (2.0.6)

PLATFORMS
  ruby

DEPENDENCIES
  bundler (~> 1.11)
  cabbage_doc!
  rspec (~> 3.4)
  rubygems-tasks

BUNDLED WITH
   1.14.6
